GEM
  remote: http://rubygems.org/
  specs:
    activesupport (3.1.1)
      multi_json (~> 1.0)
    glib2 (1.0.3)
      pkg-config
    gstreamer (1.0.3)
      glib2 (>= 1.0.3)
    httparty (0.8.1)
      multi_json
      multi_xml
    lastfm (0.6.0)
      activesupport (>= 3.0.3)
      httparty
      xml-simple
    multi_json (1.0.3)
    multi_xml (0.4.1)
    ncurses (0.9.1)
    pkg-config (1.1.2)
    rake (0.9.2.2)
    taglib-ruby (0.2.1)
    xml-simple (1.1.1)

PLATFORMS
  ruby

DEPENDENCIES
  gstreamer
  lastfm
  ncurses
  rake
  taglib-ruby
